GEM
  remote: https://rubygems.org/
  specs:
    addressable (2.3.5)
    builder (3.2.2)
    crack (0.4.1)
      safe_yaml (~> 0.9.0)
    cucumber (1.3.5)
      builder (>= 2.1.2)
      diff-lcs (>= 1.1.3)
      gherkin (~> 2.12.0)
      multi_json (~> 1.7.5)
      multi_test (>= 0.0.2)
    diff-lcs (1.2.4)
    fig_newton (0.9)
      yml_reader (>= 0.2)
    gherkin (2.12.0)
      multi_json (~> 1.3)
    json (1.8.0)
    mini_portile (0.5.1)
    multi_json (1.7.7)
    multi_test (0.0.2)
    nokogiri (1.6.0)
      mini_portile (~> 0.5.0)
    pinch_hitter (0.3)
      json (>= 1.7.6)
      nokogiri (>= 1.5.6)
      sinatra (>= 1.3.3)
    rack (1.5.2)
    rack-protection (1.5.0)
      rack
    rspec (2.14.1)
      rspec-core (~> 2.14.0)
      rspec-expectations (~> 2.14.0)
      rspec-mocks (~> 2.14.0)
    rspec-core (2.14.4)
    rspec-expectations (2.14.0)
      diff-lcs (>= 1.1.3, < 2.0)
    rspec-mocks (2.14.2)
    safe_yaml (0.9.4)
    sinatra (1.4.3)
      rack (~> 1.4)
      rack-protection (~> 1.4)
      tilt (~> 1.3, >= 1.3.4)
    tilt (1.4.1)
    webmock (1.13.0)
      addressable (>= 2.2.7)
      crack (>= 0.3.2)
    yml_reader (0.2)

PLATFORMS
  ruby

DEPENDENCIES
  cucumber
  fig_newton
  json
  pinch_hitter
  rspec
  webmock
